GIT
  remote: https://github.com/soutaro/steep.git
  revision: 22d28ff0d704ab3c7a45b8c04417585bbd6a2689
  specs:
    steep (0.21.0)
      activesupport (>= 5.1)
      ast_utils (~> 0.3.0)
      language_server-protocol (~> 3.14.0.2)
      listen (~> 3.1)
      parser (~> 2.7.0)
      rainbow (>= 2.2.2, < 4.0)
      rbs (~> 0.7.0)

GEM
  remote: https://rubygems.org/
  specs:
    activesupport (7.0.3.1)
      concurrent-ruby (~> 1.0, >= 1.0.2)
      i18n (>= 1.6, < 2)
      minitest (>= 5.1)
      tzinfo (~> 2.0)
    ast (2.4.1)
    ast_utils (0.3.0)
      parser (~> 2.4)
      thor (>= 0.19)
    concurrent-ruby (1.1.10)
    ffi (1.13.1)
    i18n (1.12.0)
      concurrent-ruby (~> 1.0)
    language_server-protocol (3.14.0.2)
    listen (3.2.1)
      rb-fsevent (~> 0.10, >= 0.10.3)
      rb-inotify (~> 0.9, >= 0.9.10)
    minitest (5.16.2)
    parser (2.7.1.4)
      ast (~> 2.4.1)
    rainbow (3.0.0)
    rb-fsevent (0.10.4)
    rb-inotify (0.10.1)
      ffi (~> 1.0)
    rbs (0.7.0)
    thor (1.0.1)
    tzinfo (2.0.5)
      concurrent-ruby (~> 1.0)

PLATFORMS
  ruby

DEPENDENCIES
  rbs
  steep!

BUNDLED WITH
   2.1.4
